PATH
  remote: .
  specs:
    gitra (0.0.1.dev)

GEM
  remote: http://rubygems.org/
  specs:
    git (1.2.5)
    minitest (4.7.0)
    rake (10.0.3)

PLATFORMS
  ruby

DEPENDENCIES
  git
  gitra!
  minitest
  rake
