PATH
  remote: .
  specs:
    gitra (0.0.1.dev)
      git
      term-ansicolor

GEM
  remote: https://rubygems.org/
  specs:
    git (1.2.5)
    minitest (5.0.6)
    rake (10.1.0)
    term-ansicolor (1.2.2)
      tins (~> 0.8)
    tins (0.8.2)

PLATFORMS
  ruby

DEPENDENCIES
  gitra!
  minitest
  rake
