PATH
  remote: .
  specs:
    gitra (0.0.1.dev)
      git

GEM
  remote: http://rubygems.org/
  specs:
    git (1.2.5)
    minitest (5.0.4)
    rake (10.0.4)

PLATFORMS
  ruby

DEPENDENCIES
  gitra!
  minitest
  rake
